GEM
  remote: https://rubygems.org/
  specs:
    byebug (3.4.0)
      columnize (~> 0.8)
      debugger-linecache (~> 1.2)
      slop (~> 3.6)
    childprocess (0.5.3)
      ffi (~> 1.0, >= 1.0.11)
    columnize (0.8.9)
    debugger-linecache (1.2.0)
    diff-lcs (1.2.5)
    faker (1.4.3)
      i18n (~> 0.5)
    ffi (1.9.3)
    i18n (0.6.11)
    multi_json (1.10.1)
    parallel (1.3.2)
    parallel_tests (1.0.7)
      parallel
    rake (10.3.2)
    rspec (3.0.0)
      rspec-core (~> 3.0.0)
      rspec-expectations (~> 3.0.0)
      rspec-mocks (~> 3.0.0)
    rspec-core (3.0.4)
      rspec-support (~> 3.0.0)
    rspec-expectations (3.0.4)
      diff-lcs (>= 1.2.0, < 2.0)
      rspec-support (~> 3.0.0)
    rspec-mocks (3.0.4)
      rspec-support (~> 3.0.0)
    rspec-support (3.0.4)
    rubyzip (1.1.6)
    selenium-webdriver (2.43.0)
      childprocess (~> 0.5)
      multi_json (~> 1.0)
      rubyzip (~> 1.0)
      websocket (~> 1.0)
    slop (3.6.0)
    websocket (1.2.1)

PLATFORMS
  ruby

DEPENDENCIES
  byebug
  faker
  parallel_tests
  rake
  rspec (~> 3.0.0)
  rspec-expectations (= 3.0.4)
  selenium-webdriver
